PATH
  remote: .
  specs:
    arcadia_cops (3.5.3)
      rubocop (= 0.63.1)
      rubocop-rspec (= 1.32)

GEM
  remote: https://rubygems.org/
  specs:
    ast (2.4.0)
    jaro_winkler (1.5.4)
    parallel (1.19.1)
    parser (2.7.1.2)
      ast (~> 2.4.0)
    powerpack (0.1.2)
    rainbow (3.0.0)
    rake (13.0.1)
    rubocop (0.63.1)
      jaro_winkler (~> 1.5.1)
      parallel (~> 1.10)
      parser (>= 2.5, != 2.5.1.1)
      powerpack (~> 0.1)
      rainbow (>= 2.2.2, < 4.0)
      ruby-progressbar (~> 1.7)
      unicode-display_width (~> 1.4.0)
    rubocop-rspec (1.32.0)
      rubocop (>= 0.60.0)
    ruby-progressbar (1.10.1)
    unicode-display_width (1.4.1)

PLATFORMS
  ruby

DEPENDENCIES
  arcadia_cops!
  bundler (> 2.0.2)
  rake

BUNDLED WITH
   2.1.4
